GEM
  remote: http://rubygems.org/
  specs:
    RubyInline (3.12.4)
      ZenTest (~> 4.3)
    ZenTest (4.11.0)
    addressable (2.4.0)
    builder (3.2.2)
    faraday (0.8.11)
      multipart-post (~> 1.2.0)
    ffi (1.9.10)
    free-image (0.7.1)
      ffi (>= 1.0.10)
    git (1.2.9.1)
    github_api (0.10.1)
      addressable
      faraday (~> 0.8.1)
      hashie (>= 1.2)
      multi_json (~> 1.4)
      nokogiri (~> 1.5.2)
      oauth2
    hashie (3.4.3)
    highline (1.7.8)
    image_science (1.2.6)
      RubyInline (~> 3.9)
    jeweler (1.8.8)
      builder
      bundler (~> 1.0)
      git (>= 1.2.5)
      github_api (= 0.10.1)
      highline (>= 1.6.15)
      nokogiri (= 1.5.10)
      rake
      rdoc
    json (1.8.3)
    jwt (1.5.2)
    multi_json (1.11.2)
    multi_xml (0.5.5)
    multipart-post (1.2.0)
    nokogiri (1.5.10)
    oauth2 (1.0.0)
      faraday (>= 0.8, < 0.10)
      jwt (~> 1.0)
      multi_json (~> 1.3)
      multi_xml (~> 0.5)
      rack (~> 1.2)
    rack (1.6.4)
    rake (10.5.0)
    rdoc (4.2.1)
      json (~> 1.4)
    rmagick (2.15.4)
    ruby-vips (0.3.13)

PLATFORMS
  ruby

DEPENDENCIES
  bundler
  free-image
  image_science
  jeweler (~> 1.8.3)
  rmagick
  ruby-vips

BUNDLED WITH
   1.10.6
