GEM
  remote: http://rubygems.org/
  specs:
    RubyInline (3.12.5)
      ZenTest (~> 4.3)
    ZenTest (4.12.0)
    addressable (2.7.0)
      public_suffix (>= 2.0.2, < 5.0)
    builder (3.2.3)
    faraday (0.8.11)
      multipart-post (~> 1.2.0)
    ffi (1.11.3)
    free-image (0.8.1)
      ffi (>= 1.0.10)
    git (1.5.0)
    github_api (0.10.1)
      addressable
      faraday (~> 0.8.1)
      hashie (>= 1.2)
      multi_json (~> 1.4)
      nokogiri (~> 1.5.2)
      oauth2
    hashie (4.0.0)
    highline (2.0.3)
    image_science (1.3.0)
      RubyInline (~> 3.9)
    jeweler (1.8.8)
      builder
      bundler (~> 1.0)
      git (>= 1.2.5)
      github_api (= 0.10.1)
      highline (>= 1.6.15)
      nokogiri (= 1.5.10)
      rake
      rdoc
    jwt (2.2.1)
    multi_json (1.14.1)
    multi_xml (0.6.0)
    multipart-post (1.2.0)
    nokogiri (1.5.10)
    oauth2 (1.4.2)
      faraday (>= 0.8, < 2.0)
      jwt (>= 1.0, < 3.0)
      multi_json (~> 1.3)
      multi_xml (~> 0.5)
      rack (>= 1.2, < 3)
    public_suffix (4.0.1)
    rack (2.2.6.2)
    rake (13.0.1)
    rdoc (6.2.0)
    rmagick (4.0.0)
    ruby-vips (2.0.17)
      ffi (~> 1.9)

PLATFORMS
  ruby

DEPENDENCIES
  bundler
  free-image
  image_science
  jeweler (~> 1.8.3)
  rmagick
  ruby-vips

BUNDLED WITH
   1.17.3
